NUGET
  remote: https://www.nuget.org/api/v2
    Microsoft.Owin (3.0.1)
      Owin (>= 1.0)
    Microsoft.Owin.Host.HttpListener (3.0.1)
    Microsoft.Owin.Hosting (3.0.1)
      Microsoft.Owin (>= 3.0.1)
      Owin (>= 1.0)
    Mono.Posix (4.0)
    Owin (1.0)

GROUP Testing
FRAMEWORK: NET45
NUGET
  remote: https://www.nuget.org/api/v2
    Fixie (1.0.2)
    Shouldly (2.8.2)

GROUP Tools
NUGET
  remote: https://www.nuget.org/api/v2
    FAKE (4.52)
    FSharp.Compiler.Tools (4.1)
